GIT
  remote: git://github.com/rails/rails.git
  revision: 6cea7f789c395c96f19bbe9280d11f6b87466e63
  specs:
    actioncable (5.1.0.alpha)
      actionpack (= 5.1.0.alpha)
      nio4r (~> 1.2)
      websocket-driver (~> 0.6.1)
    actionmailer (5.1.0.alpha)
      actionpack (= 5.1.0.alpha)
      actionview (= 5.1.0.alpha)
      activejob (= 5.1.0.alpha)
      mail (~> 2.5, >= 2.5.4)
      rails-dom-testing (~> 2.0)
    actionpack (5.1.0.alpha)
      actionview (= 5.1.0.alpha)
      activesupport (= 5.1.0.alpha)
      rack (~> 2.0)
      rack-test (~> 0.6.3)
      rails-dom-testing (~> 2.0)
      rails-html-sanitizer (~> 1.0, >= 1.0.2)
    actionview (5.1.0.alpha)
      activesupport (= 5.1.0.alpha)
      builder (~> 3.1)
      erubis (~> 2.7.0)
      rails-dom-testing (~> 2.0)
      rails-html-sanitizer (~> 1.0, >= 1.0.2)
    activejob (5.1.0.alpha)
      activesupport (= 5.1.0.alpha)
      globalid (>= 0.3.6)
    activemodel (5.1.0.alpha)
      activesupport (= 5.1.0.alpha)
    activerecord (5.1.0.alpha)
      activemodel (= 5.1.0.alpha)
      activesupport (= 5.1.0.alpha)
      arel (~> 7.0)
    activesupport (5.1.0.alpha)
      concurrent-ruby (~> 1.0, >= 1.0.2)
      i18n (~> 0.7)
      minitest (~> 5.1)
      tzinfo (~> 1.1)
    rails (5.1.0.alpha)
      actioncable (= 5.1.0.alpha)
      actionmailer (= 5.1.0.alpha)
      actionpack (= 5.1.0.alpha)
      actionview (= 5.1.0.alpha)
      activejob (= 5.1.0.alpha)
      activemodel (= 5.1.0.alpha)
      activerecord (= 5.1.0.alpha)
      activesupport (= 5.1.0.alpha)
      bundler (>= 1.3.0, < 2.0)
      railties (= 5.1.0.alpha)
      sprockets-rails (>= 2.0.0)
    railties (5.1.0.alpha)
      actionpack (= 5.1.0.alpha)
      activesupport (= 5.1.0.alpha)
      method_source
      rake (>= 0.8.7)
      thor (>= 0.18.1, < 2.0)

GIT
  remote: git://github.com/rails/web-console.git
  revision: 70828e67b2fb8b76acb320dbe9ee71a1699f139a
  specs:
    web-console (3.3.1)
      actionview (>= 5.0)
      activemodel (>= 5.0)
      debug_inspector
      railties (>= 5.0)

GEM
  remote: https://rubygems.org/
  specs:
    arel (7.1.1)
    builder (3.2.3)
    byebug (9.0.5)
    coffee-rails (4.2.1)
      coffee-script (>= 2.2.0)
      railties (>= 4.0.0, < 5.2.x)
    coffee-script (2.4.1)
      coffee-script-source
      execjs
    coffee-script-source (1.10.0)
    concurrent-ruby (1.1.5)
    crass (1.0.5)
    debug_inspector (0.0.2)
    erubis (2.7.0)
    execjs (2.7.0)
    factory_girl (4.7.0)
      activesupport (>= 3.0.0)
    faker (1.6.6)
      i18n (~> 0.5)
    ffi (1.9.14)
    globalid (0.3.7)
      activesupport (>= 4.1.0)
    i18n (0.9.5)
      concurrent-ruby (~> 1.0)
    jquery-rails (4.1.1)
      rails-dom-testing (>= 1, < 3)
      railties (>= 4.2.0)
      thor (>= 0.14, < 2.0)
    listen (3.0.8)
      rb-fsevent (~> 0.9, >= 0.9.4)
      rb-inotify (~> 0.9, >= 0.9.7)
    loofah (2.3.1)
      crass (~> 1.0.2)
      nokogiri (>= 1.5.9)
    mail (2.6.4)
      mime-types (>= 1.16, < 4)
    method_source (0.8.2)
    mime-types (3.1)
      mime-types-data (~> 3.2015)
    mime-types-data (3.2016.0521)
    mini_portile2 (2.4.0)
    minitest (5.13.0)
    nio4r (1.2.1)
    nokogiri (1.10.5)
      mini_portile2 (~> 2.4.0)
    pg (0.18.4)
    polyamorous (1.3.1)
      activerecord (>= 3.0)
    puma (3.12.6)
    rack (2.2.3)
    rack-test (0.6.3)
      rack (>= 1.0)
    rails-dom-testing (2.0.3)
      activesupport (>= 4.2.0)
      nokogiri (>= 1.6)
    rails-html-sanitizer (1.3.0)
      loofah (~> 2.3)
    rake (11.2.2)
    ransack (1.8.2)
      actionpack (>= 3.0)
      activerecord (>= 3.0)
      activesupport (>= 3.0)
      i18n
      polyamorous (~> 1.3)
    rb-fsevent (0.9.7)
    rb-inotify (0.9.7)
      ffi (>= 0.5.0)
    sass (3.4.22)
    sass-rails (5.0.6)
      railties (>= 4.0.0, < 6)
      sass (~> 3.1)
      sprockets (>= 2.8, < 4.0)
      sprockets-rails (>= 2.0, < 4.0)
      tilt (>= 1.1, < 3)
    spring (1.7.2)
    spring-watcher-listen (2.0.0)
      listen (>= 2.7, < 4.0)
      spring (~> 1.2)
    sprockets (3.7.0)
      concurrent-ruby (~> 1.0)
      rack (> 1, < 3)
    sprockets-rails (3.1.1)
      actionpack (>= 4.0)
      activesupport (>= 4.0)
      sprockets (>= 3.0.0)
    thor (0.19.1)
    thread_safe (0.3.6)
    tilt (2.0.5)
    tzinfo (1.2.5)
      thread_safe (~> 0.1)
    uglifier (3.0.1)
      execjs (>= 0.3.0, < 3)
    websocket-driver (0.6.4)
      websocket-extensions (>= 0.1.0)
    websocket-extensions (0.1.5)

PLATFORMS
  ruby

DEPENDENCIES
  byebug
  coffee-rails (~> 4.2)
  factory_girl
  faker
  jquery-rails
  listen (~> 3.0.5)
  pg (~> 0.18)
  puma (~> 3.12)
  rails!
  ransack
  sass-rails (~> 5.0)
  spring
  spring-watcher-listen (~> 2.0.0)
  uglifier (>= 1.3.0)
  web-console!

RUBY VERSION
   ruby 2.3.1p112

BUNDLED WITH
   1.12.5
